GEM
  remote: http://rubygems.org/
  specs:
    builder (3.2.0)
    rack (1.5.2)
    rack-rewrite (1.3.3)
    rdiscount (2.0.7)
    toto (0.4.9)
      builder
      rack
      rdiscount

PLATFORMS
  ruby

DEPENDENCIES
  rack-rewrite
  toto
